PATH
  remote: .
  specs:
    goodguide-entity_soup (1.0)
      faraday
      hashie
      workqueue

GEM
  remote: http://rubygems.org/
  specs:
    activemodel (3.2.11)
      activesupport (= 3.2.11)
      builder (~> 3.0.0)
    activesupport (3.2.11)
      i18n (~> 0.6)
      multi_json (~> 1.0)
    addressable (2.3.2)
    builder (3.0.4)
    crack (0.3.2)
    diff-lcs (1.1.3)
    faraday (0.8.5)
      multipart-post (~> 1.1)
    hashie (1.2.0)
    i18n (0.6.1)
    multi_json (1.5.0)
    multipart-post (1.1.5)
    rake (10.0.3)
    rr (1.0.4)
    rspec (2.12.0)
      rspec-core (~> 2.12.0)
      rspec-expectations (~> 2.12.0)
      rspec-mocks (~> 2.12.0)
    rspec-core (2.12.2)
    rspec-expectations (2.12.1)
      diff-lcs (~> 1.1.3)
    rspec-mocks (2.12.2)
    vcr (2.4.0)
    webmock (1.9.0)
      addressable (>= 2.2.7)
      crack (>= 0.1.7)
    workqueue (0.1.4)
    yajl-ruby (1.1.0)

PLATFORMS
  ruby

DEPENDENCIES
  activemodel
  activesupport
  goodguide-entity_soup!
  rake
  rr
  rspec
  vcr
  webmock
  yajl-ruby
