GIT
  remote: git@github.com:GoodGuide/cacher
  revision: 4e3414039af7405ee0db379254cea54d7b478eae
  specs:
    cacher (0.2.1)

PATH
  remote: .
  specs:
    goodguide-entity_soup (0.1)

GEM
  remote: http://rubygems.org/
  specs:
    activesupport (3.2.7)
      i18n (~> 0.6)
      multi_json (~> 1.0)
    addressable (2.3.2)
    crack (0.3.1)
    diff-lcs (1.1.3)
    faraday (0.8.1)
      multipart-post (~> 1.1)
    i18n (0.6.0)
    multi_json (1.3.6)
    multipart-post (1.1.5)
    rake (0.9.2.2)
    rr (1.0.4)
    rspec (2.11.0)
      rspec-core (~> 2.11.0)
      rspec-expectations (~> 2.11.0)
      rspec-mocks (~> 2.11.0)
    rspec-core (2.11.1)
    rspec-expectations (2.11.2)
      diff-lcs (~> 1.1.3)
    rspec-mocks (2.11.1)
    vcr (2.2.4)
    webmock (1.8.9)
      addressable (>= 2.2.7)
      crack (>= 0.1.7)
    workqueue (0.1.4)
    wrappable (0.0.5)
    yajl-ruby (1.1.0)

PLATFORMS
  ruby

DEPENDENCIES
  activesupport
  cacher (~> 0.2.1)!
  faraday
  goodguide-entity_soup!
  rake
  rr
  rspec
  vcr
  webmock
  workqueue
  wrappable (~> 0.0.5)
  yajl-ruby
